GEM
  remote: https://rubygems.org/
  specs:
    puma (3.6.2)
    rack (2.0.1)
    rack-cors (0.4.0)

PLATFORMS
  ruby

DEPENDENCIES
  puma
  rack
  rack-cors

RUBY VERSION
   ruby 2.4.0p0

BUNDLED WITH
   1.14.3
